GEM
  remote: http://rubygems.org/
  specs:
    sequel (3.34.1)

PLATFORMS
  ruby

DEPENDENCIES
  sequel
